Brain Vision Data Exchange Header File Version 1.0
; Data created by FieldTrip

[Common Infos]
DataFile=sub-01_ses-session1_task-eyesclosed_eeg.eeg
MarkerFile=sub-01_ses-session1_task-eyesclosed_eeg.vmrk
DataFormat=BINARY
DataOrientation=MULTIPLEXED
NumberOfChannels=61
SamplingInterval=2000

[Binary Infos]
BinaryFormat=IEEE_FLOAT_32

[Channel Infos]
Ch1=Fp1,,1
Ch2=AF3,,1
Ch3=AF7,,1
Ch4=Fz,,1
Ch5=F1,,1
Ch6=F3,,1
Ch7=F5,,1
Ch8=F7,,1
Ch9=FC1,,1
Ch10=FC3,,1
Ch11=FC5,,1
Ch12=FT7,,1
Ch13=Cz,,1
Ch14=C1,,1
Ch15=C3,,1
Ch16=C5,,1
Ch17=T7,,1
Ch18=CP1,,1
Ch19=CP3,,1
Ch20=CP5,,1
Ch21=TP7,,1
Ch22=TP9,,1
Ch23=Pz,,1
Ch24=P1,,1
Ch25=P3,,1
Ch26=P5,,1
Ch27=P7,,1
Ch28=PO3,,1
Ch29=PO7,,1
Ch30=Oz,,1
Ch31=O1,,1
Ch32=Fpz,,1
Ch33=Fp2,,1
Ch34=AF4,,1
Ch35=AF8,,1
Ch36=F2,,1
Ch37=F4,,1
Ch38=F6,,1
Ch39=F8,,1
Ch40=FC2,,1
Ch41=FC4,,1
Ch42=FC6,,1
Ch43=FT8,,1
Ch44=C2,,1
Ch45=C4,,1
Ch46=C6,,1
Ch47=T8,,1
Ch48=CPz,,1
Ch49=CP2,,1
Ch50=CP4,,1
Ch51=CP6,,1
Ch52=TP8,,1
Ch53=TP10,,1
Ch54=P2,,1
Ch55=P4,,1
Ch56=P6,,1
Ch57=P8,,1
Ch58=POz,,1
Ch59=PO4,,1
Ch60=PO8,,1
Ch61=O2,,1
